GEM
  remote: https://rubygems.org/
  specs:
    chronic (0.10.2)
    diff-lcs (1.5.0)
    interactor (3.1.2)
    rspec (3.11.0)
      rspec-core (~> 3.11.0)
      rspec-expectations (~> 3.11.0)
      rspec-mocks (~> 3.11.0)
    rspec-core (3.11.0)
      rspec-support (~> 3.11.0)
    rspec-expectations (3.11.0)
      diff-lcs (>= 1.2.0, < 2.0)
      rspec-support (~> 3.11.0)
    rspec-mocks (3.11.1)
      diff-lcs (>= 1.2.0, < 2.0)
      rspec-support (~> 3.11.0)
    rspec-support (3.11.0)
    zeitwerk (2.4.2)

PLATFORMS
  x86_64-darwin-18

DEPENDENCIES
  chronic
  interactor (~> 3.0)
  rspec
  zeitwerk (~> 2.4.0)

BUNDLED WITH
   2.2.27
